GEM
  remote: https://rubygems.org/
  specs:
    colorize (0.8.1)
    equatable (0.6.1)
    pastel (0.7.3)
      equatable (~> 0.6)
      tty-color (~> 0.5)
    tty-color (0.5.0)
    tty-cursor (0.7.0)
    tty-pie (0.3.0)
      pastel (~> 0.7.3)
      tty-cursor (~> 0.7)

PLATFORMS
  ruby

DEPENDENCIES
  colorize (~> 0.8.1)
  tty-pie (~> 0.3.0)

BUNDLED WITH
   1.17.2
